PATH
  remote: ../chaos
  specs:
    mapa76-core (0.0.1)
      mongoid (~> 3.0.14)
      mongoid-grid_fs
      mongoid-pagination
      resque
      tire
      yajl-ruby

GEM
  remote: https://rubygems.org/
  specs:
    activemodel (3.2.15)
      activesupport (= 3.2.15)
      builder (~> 3.0.0)
    activesupport (3.2.15)
      i18n (~> 0.6, >= 0.6.4)
      multi_json (~> 1.0)
    amatch (0.2.10)
      tins (~> 0.3)
    ansi (1.4.3)
    bson (1.6.4)
    bson_ext (1.6.4)
      bson (~> 1.6.4)
    builder (3.0.4)
    capistrano (2.14.2)
      highline
      net-scp (>= 1.0.0)
      net-sftp (>= 2.0.0)
      net-ssh (>= 2.0.14)
      net-ssh-gateway (>= 1.1.0)
    capistrano-ext (1.2.1)
      capistrano (>= 1.0.0)
    coderay (1.0.8)
    database_cleaner (0.8.0)
    docsplit (0.7.5)
    factory_girl (4.0.0)
      activesupport (>= 3.0.0)
    ffi (1.9.3)
    guard (1.3.2)
      listen (>= 0.4.2)
      thor (>= 0.14.6)
    guard-minitest (0.5.0)
      guard (>= 0.4)
    hashie (2.0.5)
    hashr (0.0.22)
    highline (1.6.16)
    httpi (1.1.1)
      rack
    i18n (0.6.5)
    json (1.7.7)
    listen (0.4.7)
      rb-fchange (~> 0.0.5)
      rb-fsevent (~> 0.9.1)
      rb-inotify (~> 0.8.8)
    log4r (1.1.10)
    metaclass (0.0.1)
    method_source (0.8.1)
    mime-types (1.25)
    minitest (2.6.2)
    minitest-spec-context (0.0.3)
    mocha (0.14.0)
      metaclass (~> 0.0.1)
    mongoid (3.0.23)
      activemodel (~> 3.1)
      moped (~> 1.2)
      origin (~> 1.0)
      tzinfo (~> 0.3.22)
    mongoid-grid_fs (1.9.0)
      mime-types (~> 1.19)
      mongoid (~> 3.0)
    mongoid-pagination (0.2.0)
      activesupport
      mongoid
    mono_logger (1.1.0)
    moped (1.5.1)
    multi_json (1.8.2)
    net-scp (1.1.0)
      net-ssh (>= 2.6.5)
    net-sftp (2.1.1)
      net-ssh (>= 2.6.5)
    net-ssh (2.6.6)
    net-ssh-gateway (1.2.0)
      net-ssh (>= 2.6.5)
    nokogiri (1.5.5)
    oj (1.2.11)
    origin (1.1.0)
    pry (0.9.10)
      coderay (~> 1.0.5)
      method_source (~> 0.8)
      slop (~> 3.3.1)
    rack (1.5.2)
    rack-protection (1.5.0)
      rack
    rake (10.1.0)
    rb-fchange (0.0.5)
      ffi
    rb-fsevent (0.9.1)
    rb-inotify (0.8.8)
      ffi (>= 0.5.0)
    redis (3.0.4)
    redis-namespace (1.3.1)
      redis (~> 3.0.0)
    resque (1.24.1)
      mono_logger (~> 1.0)
      multi_json (~> 1.0)
      redis-namespace (~> 1.2)
      sinatra (>= 0.9.2)
      vegas (~> 0.1.2)
    rest-client (1.6.7)
      mime-types (>= 1.16)
    ruby-progressbar (1.2.0)
    rvm-capistrano (1.2.2)
      capistrano (>= 2.0.0)
    shoulda-context (1.0.0)
    sinatra (1.4.3)
      rack (~> 1.4)
      rack-protection (~> 1.4)
      tilt (~> 1.3, >= 1.3.4)
    slop (3.3.3)
    thor (0.15.4)
    tilt (1.4.1)
    tins (0.4.3)
    tire (0.6.0)
      activemodel (>= 3.0)
      activesupport
      ansi
      hashr (~> 0.0.19)
      multi_json (~> 1.3)
      rake
      rest-client (~> 1.6)
    turn (0.9.6)
      ansi
    tzinfo (0.3.38)
    vegas (0.1.11)
      rack (>= 1.0.0)
    yajl-ruby (1.1.0)

PLATFORMS
  ruby

DEPENDENCIES
  activesupport
  amatch
  bson_ext
  capistrano
  capistrano-ext
  database_cleaner
  docsplit
  factory_girl
  guard
  guard-minitest
  hashie
  httpi
  json (~> 1.7.7)
  log4r
  mapa76-core!
  minitest (~> 2.6.0)
  minitest-spec-context
  mocha
  mongoid
  mongoid-pagination
  multi_json
  nokogiri
  oj
  pry
  rake
  ruby-progressbar
  rvm-capistrano
  shoulda-context
  tire
  turn
